GEM
  remote: https://rubygems.org/
  specs:
    awesome_print (1.8.0)
    daemons (1.2.6)
    diff-lcs (1.3)
    eventmachine (1.2.7)
    filelock (1.1.1)
    find_a_port (1.0.1)
    json (2.1.0)
    minitest (5.11.3)
    mustermann (1.0.2)
    pact (1.26.0)
      json (> 1.8.5)
      pact-mock_service (~> 2.0)
      pact-support (~> 1.4)
      rack-test (~> 0.6, >= 0.6.3)
      randexp (~> 0.1.7)
      rspec (>= 2.14)
      term-ansicolor (~> 1.0)
      thor
      webrick
    pact-consumer-minitest (1.0.1)
      minitest (>= 5.0.0)
      pact (~> 1.3)
    pact-mock_service (2.8.1)
      filelock (~> 1.1)
      find_a_port (~> 1.0.1)
      json
      pact-support (~> 1.2, >= 1.2.1)
      rack (~> 2.0)
      rspec (>= 2.14)
      term-ansicolor (~> 1.0)
      thor (~> 0.19)
      webrick (~> 1.3)
    pact-support (1.6.2)
      awesome_print (~> 1.1)
      find_a_port (~> 1.0.1)
      json
      randexp (~> 0.1.7)
      rspec (>= 2.14)
      term-ansicolor (~> 1.0)
      thor
    rack (2.0.5)
    rack-protection (2.0.2)
      rack
    rack-test (0.8.3)
      rack (>= 1.0, < 3)
    rake (12.3.1)
    randexp (0.1.7)
    rspec (3.7.0)
      rspec-core (~> 3.7.0)
      rspec-expectations (~> 3.7.0)
      rspec-mocks (~> 3.7.0)
    rspec-core (3.7.1)
      rspec-support (~> 3.7.0)
    rspec-expectations (3.7.0)
      diff-lcs (>= 1.2.0, < 2.0)
      rspec-support (~> 3.7.0)
    rspec-mocks (3.7.0)
      diff-lcs (>= 1.2.0, < 2.0)
      rspec-support (~> 3.7.0)
    rspec-support (3.7.1)
    sinatra (2.0.2)
      mustermann (~> 1.0)
      rack (~> 2.0)
      rack-protection (= 2.0.2)
      tilt (~> 2.0)
    term-ansicolor (1.6.0)
      tins (~> 1.0)
    thin (1.7.2)
      daemons (~> 1.0, >= 1.0.9)
      eventmachine (~> 1.0, >= 1.0.4)
      rack (>= 1, < 3)
    thor (0.20.0)
    tilt (2.0.8)
    tins (1.16.3)
    webrick (1.4.2)

PLATFORMS
  ruby

DEPENDENCIES
  minitest
  pact
  pact-consumer-minitest
  rack-test
  rake
  sinatra
  thin

BUNDLED WITH
   1.16.2
